GEM
  remote: https://rubygems.org/
  specs:
    bubble-wrap (1.3.0)
    motion-bundler (0.1.5)
    motion_data_wrapper (0.0.4)
      bubble-wrap

PLATFORMS
  ruby

DEPENDENCIES
  motion-bundler
  motion_data_wrapper
